GEM
  remote: https://rubygems.org/
  specs:
    rake (12.2.1)
    review (2.3.0)
      rouge
      rubyzip
    rouge (3.0.0)
    rubyzip (1.2.1)

PLATFORMS
  ruby

DEPENDENCIES
  rake
  review (= 2.3.0)

BUNDLED WITH
   1.16.0
